PATH
  remote: .
  specs:
    summaryse (1.1.0)

GEM
  remote: http://rubygems.org/
  specs:
    bluecloth (2.0.11)
    diff-lcs (1.1.2)
    rake (0.9.2)
    rspec (2.4.0)
      rspec-core (~> 2.4.0)
      rspec-expectations (~> 2.4.0)
      rspec-mocks (~> 2.4.0)
    rspec-core (2.4.0)
    rspec-expectations (2.4.0)
      diff-lcs (~> 1.1.2)
    rspec-mocks (2.4.0)
    wlang (0.10.2)
    yard (0.7.2)

PLATFORMS
  java
  ruby

DEPENDENCIES
  bluecloth (~> 2.0.9)
  bundler (~> 1.0)
  rake (~> 0.9.2)
  rspec (~> 2.4.0)
  summaryse!
  wlang (~> 0.10.1)
  yard (~> 0.7.2)
